PATH
  remote: .
  specs:
    rspec-sonarqube-formatter (1.0.0.pre.local)
      htmlentities (~> 4.3.3)
      rspec (~> 3.0)

GEM
  remote: https://rubygems.org/
  specs:
    ast (2.4.0)
    coveralls (0.8.23)
      json (>= 1.8, < 3)
      simplecov (~> 0.16.1)
      term-ansicolor (~> 1.3)
      thor (>= 0.19.4, < 2.0)
      tins (~> 1.6)
    diff-lcs (1.3)
    docile (1.3.2)
    htmlentities (4.3.4)
    jaro_winkler (1.5.4)
    json (2.2.0)
    parallel (1.19.1)
    parser (2.6.5.0)
      ast (~> 2.4.0)
    rainbow (3.0.0)
    rake (13.0.1)
    rspec (3.9.0)
      rspec-core (~> 3.9.0)
      rspec-expectations (~> 3.9.0)
      rspec-mocks (~> 3.9.0)
    rspec-core (3.9.0)
      rspec-support (~> 3.9.0)
    rspec-expectations (3.9.0)
      diff-lcs (>= 1.2.0, < 2.0)
      rspec-support (~> 3.9.0)
    rspec-mocks (3.9.0)
      diff-lcs (>= 1.2.0, < 2.0)
      rspec-support (~> 3.9.0)
    rspec-support (3.9.0)
    rubocop (0.78.0)
      jaro_winkler (~> 1.5.1)
      parallel (~> 1.10)
      parser (>= 2.6)
      rainbow (>= 2.2.2, < 4.0)
      ruby-progressbar (~> 1.7)
      unicode-display_width (>= 1.4.0, < 1.7)
    ruby-progressbar (1.10.1)
    simplecov (0.16.1)
      docile (~> 1.1)
      json (>= 1.8, < 3)
      simplecov-html (~> 0.10.0)
    simplecov-html (0.10.2)
    simplecov-json (0.2)
      json
      simplecov
    term-ansicolor (1.7.1)
      tins (~> 1.0)
    thor (0.20.3)
    tins (1.22.2)
    unicode-display_width (1.6.0)

PLATFORMS
  ruby

DEPENDENCIES
  bundler (~> 2.1.0)
  coveralls (~> 0.8.23)
  rake (~> 13.0.1)
  rspec-sonarqube-formatter!
  rubocop (~> 0.78.0)
  simplecov (~> 0.16.1)
  simplecov-json (~> 0.2.0)

BUNDLED WITH
   2.0.2
